GEM
  remote: http://rubygems.org/
  specs:
    activesupport (3.2.6)
      i18n (~> 0.6)
      multi_json (~> 1.0)
    diff-lcs (1.1.3)
    faraday (0.8.1)
      multipart-post (~> 1.1)
    faraday_middleware (0.8.8)
      faraday (>= 0.7.4, < 0.9)
    gemfury (0.4.9)
      faraday (>= 0.7.4, < 0.9)
      faraday_middleware (>= 0.7, < 0.9)
      highline (~> 1.6.0)
      multi_json (>= 1.0.2, < 1.4)
      thor (>= 0.14.0, < 0.16.0)
    git (1.2.5)
    highline (1.6.13)
    i18n (0.6.0)
    jeweler (1.8.3)
      bundler (~> 1.0)
      git (>= 1.2.5)
      rake
      rdoc
    json (1.6.6)
    multi_json (1.3.6)
    multipart-post (1.1.5)
    rake (0.9.2.2)
    rdoc (3.12)
      json (~> 1.4)
    rspec (2.8.0)
      rspec-core (~> 2.8.0)
      rspec-expectations (~> 2.8.0)
      rspec-mocks (~> 2.8.0)
    rspec-core (2.8.0)
    rspec-expectations (2.8.0)
      diff-lcs (~> 1.1.2)
    rspec-mocks (2.8.0)
    thor (0.15.4)

PLATFORMS
  ruby

DEPENDENCIES
  activesupport (~> 3.1)
  gemfury
  i18n
  jeweler
  rspec
